PATH
  remote: .
  specs:
    calabash-cucumber (0.9.69)
      CFPropertyList
      cucumber
      json
      net-http-persistent
      sim_launcher (= 0.3.8)
      slowhandcuke

GEM
  remote: http://rubygems.org/
  specs:
    CFPropertyList (2.1.1)
    builder (3.0.0)
    cucumber (1.2.1)
      builder (>= 2.1.2)
      diff-lcs (>= 1.1.3)
      gherkin (~> 2.11.0)
      json (>= 1.4.6)
    diff-lcs (1.1.3)
    gherkin (2.11.0)
      json (>= 1.4.6)
    json (1.6.4)
    net-http-persistent (2.7)
    rack (1.4.1)
    rack-protection (1.2.0)
      rack
    sim_launcher (0.3.8)
      sinatra
    sinatra (1.3.2)
      rack (~> 1.3, >= 1.3.6)
      rack-protection (~> 1.2)
      tilt (~> 1.3, >= 1.3.3)
    slowhandcuke (0.0.3)
      cucumber
    tilt (1.3.3)

PLATFORMS
  ruby

DEPENDENCIES
  calabash-cucumber!
